GEM
  remote: https://rubygems.org/
  specs:
    activesupport (6.1.7.6)
      concurrent-ruby (~> 1.0, >= 1.0.2)
      i18n (>= 1.6, < 2)
      minitest (>= 5.1)
      tzinfo (~> 2.0)
      zeitwerk (~> 2.3)
    coderay (1.1.3)
    concurrent-ruby (1.2.2)
    ffi (1.17.0)
    i18n (1.14.1)
      concurrent-ruby (~> 1.0)
    method_source (1.0.0)
    minitest (5.20.0)
    minitest-focus (1.4.0)
      minitest (>= 4, < 6)
    pairing_heap (3.0.1)
    pry (0.14.2)
      coderay (~> 1.1)
      method_source (~> 1.0)
    rexml (3.2.6)
    rgl (0.6.6)
      pairing_heap (>= 0.3, < 4.0)
      rexml (~> 3.2, >= 3.2.4)
      stream (~> 0.5.3)
    stream (0.5.5)
    tzinfo (2.0.6)
      concurrent-ruby (~> 1.0)
    z3 (0.0.20230311)
      ffi (~> 1.9)
    zeitwerk (2.6.12)

PLATFORMS
  ruby

DEPENDENCIES
  activesupport
  minitest
  minitest-focus
  pry
  rgl
  z3

BUNDLED WITH
   2.1.4
